NUGET
  remote: https://www.nuget.org/api/v2
  specs:
    FsPickler (1.0.16)
    MBrace.Azure (0.6.5-alpha)
      FsPickler (>= 1.0.16)
      MBrace.Core (0.9.8-alpha)
      MBrace.Runtime.Core (0.9.8-alpha)
      WindowsAzure.ServiceBus (>= 2.6.4)
      WindowsAzure.Storage (>= 4.3.0)
    MBrace.Azure.Standalone (0.6.5-alpha)
    MBrace.Core (0.9.8-alpha)
    MBrace.Flow (0.9.8-alpha)
      MBrace.Core (0.9.8-alpha)
      Streams (>= 0.2.9)
    MBrace.Runtime.Core (0.9.8-alpha)
      FsPickler (>= 1.0.16)
      MBrace.Core (0.9.8-alpha)
      Unquote (>= 2.2.2)
      Vagabond (>= 0.6.0)
    Microsoft.Data.Edm (5.6.3)
    Microsoft.Data.OData (5.6.3)
      Microsoft.Data.Edm (5.6.3)
      System.Spatial (5.6.3)
    Microsoft.Data.Services.Client (5.6.3) - framework: >= net40
      Microsoft.Data.OData (5.6.3)
    Microsoft.WindowsAzure.ConfigurationManager (3.1.0) - framework: >= net40
    Mono.Cecil (0.9.5.4)
    Newtonsoft.Json (6.0.8) - framework: wpv8.0, >= net40
    Streams (0.3.0)
    System.Spatial (5.6.3)
    Unquote (2.2.2)
    Vagabond (0.6.0)
      FsPickler (>= 1.0.16)
      Mono.Cecil (>= 0.9.5.4)
    WindowsAzure.ServiceBus (2.6.4)
      Microsoft.WindowsAzure.ConfigurationManager
    WindowsAzure.Storage (4.3.0)
      Microsoft.Data.OData (>= 5.6.2)
      Microsoft.Data.Services.Client (>= 5.6.2) - framework: >= net40
      Microsoft.WindowsAzure.ConfigurationManager (>= 1.8.0.0) - framework: >= net40
      Newtonsoft.Json (>= 5.0.8) - framework: wpv8.0, >= net40
